PATH
  remote: .
  specs:
    turbotlib-ruby (0.0.1)
      openc_bot (= 0.0.11)

GEM
  remote: https://rubygems.org/
  specs:
    activesupport (3.2.17)
      i18n (~> 0.6, >= 0.6.4)
      multi_json (~> 1.0)
    backports (3.6.0)
    columnize (0.8.9)
    debugger (1.6.8)
      columnize (>= 0.3.1)
      debugger-linecache (~> 1.2.0)
      debugger-ruby_core_source (~> 1.3.5)
    debugger-linecache (1.2.0)
    debugger-ruby_core_source (1.3.5)
    diff-lcs (1.2.5)
    excon (0.37.0)
    httpclient (2.4.0)
    i18n (0.6.9)
    json (1.8.1)
    json-schema (2.2.2)
    mini_portile (0.6.0)
    multi_json (1.10.1)
    nokogiri (1.6.2.1)
      mini_portile (= 0.6.0)
    openc_bot (0.0.11)
      activesupport (= 3.2.17)
      backports
      httpclient
      json
      json-schema
      nokogiri
      rake
      scraperwiki (= 3.0.2)
    rake (10.3.2)
    rr (1.0.5)
    rspec (3.0.0)
      rspec-core (~> 3.0.0)
      rspec-expectations (~> 3.0.0)
      rspec-mocks (~> 3.0.0)
    rspec-core (3.0.2)
      rspec-support (~> 3.0.0)
    rspec-expectations (3.0.2)
      diff-lcs (>= 1.2.0, < 2.0)
      rspec-support (~> 3.0.0)
    rspec-mocks (3.0.2)
      rspec-support (~> 3.0.0)
    rspec-support (3.0.1)
    scraperwiki (3.0.2)
      httpclient
      sqlite_magic
    sqlite3 (1.3.9)
    sqlite_magic (0.0.3)
      sqlite3

PLATFORMS
  ruby

DEPENDENCIES
  debugger
  excon
  json
  rake (>= 0.8.7)
  rr (~> 1.0.2)
  rspec (>= 2.0)
  turbotlib-ruby!
